GEM
  remote: http://rubygems.org/
  specs:
    actionmailer (2.3.8)
      actionpack (= 2.3.8)
    actionpack (2.3.8)
      activesupport (= 2.3.8)
      rack (~> 1.1.0)
    activemerchant (1.7.2)
      activesupport (>= 2.3.2)
      braintree (>= 2.0.0)
      builder (>= 2.0.0)
    activerecord (2.3.8)
      activesupport (= 2.3.8)
    activeresource (2.3.8)
      activesupport (= 2.3.8)
    activesupport (2.3.8)
    braintree (2.5.2)
      builder
    builder (2.1.2)
    chronic (0.2.3)
      hoe (>= 1.2.1)
    devise (1.0.8)
      warden (~> 0.10.3)
    devise_facebook_connectable (0.2.2)
      activesupport (>= 2.3.0)
      devise (>= 1.0.0)
      facebooker (>= 1.0.55)
    facebooker (1.0.75)
      json_pure (>= 1.0.0)
    hoe (2.6.2)
      rake (>= 0.8.7)
      rubyforge (>= 2.0.4)
    json_pure (1.4.6)
    mime-types (1.16)
    mysql (2.8.1)
    rack (1.1.0)
    rails (2.3.8)
      actionmailer (= 2.3.8)
      actionpack (= 2.3.8)
      activerecord (= 2.3.8)
      activeresource (= 2.3.8)
      activesupport (= 2.3.8)
      rake (>= 0.8.3)
    rails-footnotes (3.6.7)
    rake (0.8.7)
    rest-client (1.4.2)
      mime-types (>= 1.16)
    rspec (1.3.0)
    rubyforge (2.0.4)
      json_pure (>= 1.1.7)
    sequel (3.15.0)
    sinatra (1.0)
      rack (>= 1.0)
    sqlite3-ruby (1.3.1)
    taps (0.3.12)
      json_pure (>= 1.2.0, < 1.5.0)
      rack (>= 1.0.1)
      rest-client (~> 1.4.0)
      sequel (~> 3.15.0)
      sinatra (~> 1.0.0)
      sqlite3-ruby (~> 1.2)
    warden (0.10.7)
      rack (>= 1.0.0)
    whenever (0.5.0)
      chronic (>= 0.2.3)

PLATFORMS
  ruby

DEPENDENCIES
  activemerchant
  devise (= 1.0.8)
  devise_facebook_connectable
  facebooker
  mysql
  rails (= 2.3.8)
  rails-footnotes
  rspec
  taps
  warden
  whenever
