GEM
  remote: http://rubygems.org/
  specs:
    actionmailer (2.3.8)
      actionpack (= 2.3.8)
    actionpack (2.3.8)
      activesupport (= 2.3.8)
      rack (~> 1.1.0)
    activemerchant (1.7.2)
      activesupport (>= 2.3.2)
      braintree (>= 2.0.0)
      builder (>= 2.0.0)
    activerecord (2.3.8)
      activesupport (= 2.3.8)
    activeresource (2.3.8)
      activesupport (= 2.3.8)
    activesupport (2.3.8)
    braintree (2.5.2)
      builder
    builder (2.1.2)
    devise (1.0.8)
      warden (~> 0.10.3)
    devise_facebook_connectable (0.2.2)
      activesupport (>= 2.3.0)
      devise (>= 1.0.0)
      facebooker (>= 1.0.55)
    facebooker (1.0.75)
      json_pure (>= 1.0.0)
    json_pure (1.4.6)
    mysql (2.8.1)
    rack (1.1.0)
    rails (2.3.8)
      actionmailer (= 2.3.8)
      actionpack (= 2.3.8)
      activerecord (= 2.3.8)
      activeresource (= 2.3.8)
      activesupport (= 2.3.8)
      rake (>= 0.8.3)
    rails-footnotes (3.6.7)
    rake (0.8.7)
    rspec (1.3.0)
    warden (0.10.7)
      rack (>= 1.0.0)

PLATFORMS
  ruby

DEPENDENCIES
  activemerchant
  devise (= 1.0.8)
  devise_facebook_connectable
  facebooker
  mysql
  rails (= 2.3.8)
  rails-footnotes
  rspec
  warden
